GEM
  remote: http://rubygems.org/
  specs:
    activesupport (3.2.8)
      i18n (~> 0.6)
      multi_json (~> 1.0)
    chronic (0.6.7)
    diff-lcs (1.1.3)
    ffi (1.1.5)
    ffi (1.1.5-java)
    growl (1.0.3)
    guard (1.2.3)
      listen (>= 0.4.2)
      thor (>= 0.14.6)
    guard-bundler (1.0.0)
      bundler (~> 1.0)
      guard (~> 1.1)
    guard-rspec (1.2.1)
      guard (>= 1.1)
    i18n (0.6.0)
    json (2.3.0)
    listen (0.4.7)
      rb-fchange (~> 0.0.5)
      rb-fsevent (~> 0.9.1)
      rb-inotify (~> 0.8.8)
    multi_json (1.3.6)
    open_lighting (0.1.3)
      json
    rake (0.8.7)
    rb-fchange (0.0.5)
      ffi
    rb-fsevent (0.9.1)
    rb-inotify (0.8.8)
      ffi (>= 0.5.0)
    rspec (2.11.0)
      rspec-core (~> 2.11.0)
      rspec-expectations (~> 2.11.0)
      rspec-mocks (~> 2.11.0)
    rspec-core (2.11.1)
    rspec-expectations (2.11.2)
      diff-lcs (~> 1.1.3)
    rspec-mocks (2.11.2)
    ruby-processing (2.7.1)
    simplecov (0.6.4)
      multi_json (~> 1.0)
      simplecov-html (~> 0.5.3)
    simplecov-html (0.5.3)
    thor (0.15.4)
    whenever (0.7.3)
      activesupport (>= 2.3.4)
      chronic (~> 0.6.3)

PLATFORMS
  java
  ruby

DEPENDENCIES
  bundler (~> 1.1.5)
  growl (~> 1.0.3)
  guard (~> 1.2.3)
  guard-bundler (~> 1.0.0)
  guard-rspec (~> 1.2.0)
  json (~> 2.3.0)
  open_lighting (~> 0.1.0)
  rake (~> 0.8.7)
  rspec (~> 2.11.0)
  ruby-processing
  simplecov (~> 0.6.4)
  thor (~> 0.15.4)
  whenever
